GEM
  remote: https://rubygems.org/
  specs:
    fast_stack (0.2.0)
    flamegraph (0.9.5)
    minitest (5.11.3)
    stackprof (0.2.12)

PLATFORMS
  ruby

DEPENDENCIES
  fast_stack
  flamegraph
  minitest
  stackprof

BUNDLED WITH
   2.0.1
